GEM
  remote: http://rubygems.org/
  specs:
    git (1.2.5)
    httpclient (2.1.6)
    jeweler (1.5.2)
      bundler (~> 1.0.0)
      git (>= 1.2.5)
      rake
    rake (0.8.7)
    rspec (1.3.0)
    soap4r (1.5.8)
      httpclient (>= 2.1.1)

PLATFORMS
  x86-mingw32

DEPENDENCIES
  bundler (~> 1.0.0)
  jeweler (~> 1.5.2)
  rspec (< 2.0.0)
  soap4r
